PATH
  remote: .
  specs:
    mogilefsd_log_tailer (1.0.0)
      daemons
      eventmachine

GEM
  remote: http://rubygems.org/
  specs:
    daemons (1.1.6)
    eventmachine (0.12.10)

PLATFORMS
  ruby

DEPENDENCIES
  mogilefsd_log_tailer!
