PATH
  remote: .
  specs:
    mogilefsd_log_tailer (0.0.2)
      eventmachine

GEM
  remote: http://rubygems.org/
  specs:
    eventmachine (0.12.10)

PLATFORMS
  ruby

DEPENDENCIES
  mogilefsd_log_tailer!
